GIT
  remote: git://github.com/icco/isaac.git
  revision: 721b732ac58857ee8f9c4a58437a9ab2c1c086d4
  specs:
    isaac (0.2.7)

GEM
  remote: http://rubygems.org/
  specs:
    daemons (1.1.3)
    json (2.1.0)
    sqlite3 (1.3.3)

PLATFORMS
  ruby

DEPENDENCIES
  daemons
  isaac!
  json (>= 1.5.5)
  sqlite3

BUNDLED WITH
   1.16.1
